GEM
  remote: https://rubygems.org/
  specs:
    POpen4 (0.1.4)
      Platform (>= 0.4.0)
      open4
    Platform (0.4.2)
    awesome_print (1.9.2)
    awesomeprint (0.0.1)
    coderay (1.1.3)
    commonjs (0.2.7)
    execjs (2.9.1)
    html_compressor (0.0.3)
      POpen4 (>= 0.1.4)
    libv8 (3.16.14.19.1)
    libv8 (3.16.14.19.1-x86_64-linux)
    method_source (1.1.0)
    open4 (1.3.4)
    pry (0.14.2)
      coderay (~> 1.1)
      method_source (~> 1.0)
    ref (2.0.0)
    ruby-clean-css (1.0.0)
      commonjs
      therubyracer
    terser (1.2.3)
      execjs (>= 0.3.0, < 3)
    therubyracer (0.12.3)
      libv8 (~> 3.16.14.15)
      ref
    warning (1.4.0)

PLATFORMS
  ruby
  x86_64-linux

DEPENDENCIES
  awesome_print
  awesomeprint (~> 0.0.1)
  html_compressor (~> 0.0.3)
  pry (~> 0.14.2)
  ruby-clean-css (~> 1.0)
  terser (~> 1.2)
  warning (~> 1.4)

BUNDLED WITH
   2.5.17
